GEM
  remote: http://rubygems.org/
  specs:
    activemodel (3.0.3)
      activesupport (= 3.0.3)
      builder (~> 2.1.2)
      i18n (~> 0.4)
    activerecord (3.0.3)
      activemodel (= 3.0.3)
      activesupport (= 3.0.3)
      arel (~> 2.0.2)
      tzinfo (~> 0.3.23)
    activesupport (3.0.3)
    arel (2.0.7)
    builder (2.1.2)
    daemons (1.1.4)
    eventmachine (1.0.0.beta.4.1)
    eventmachine (1.0.0.beta.4.1-x86-mingw32)
    foreman (0.22.0)
      term-ansicolor (~> 1.0.5)
      thor (>= 0.13.6)
    hpricot (0.8.4)
    i18n (0.5.0)
    json (1.5.1)
    pg (0.11.0)
    pg (0.11.0-x86-mingw32)
    rack (1.2.1)
    sinatra (1.1.2)
      rack (~> 1.1)
      tilt (~> 1.2)
    sqlite3 (1.3.4)
    sqlite3 (1.3.4-x86-mingw32)
    term-ansicolor (1.0.6)
    thin (1.2.11)
      daemons (>= 1.0.9)
      eventmachine (>= 0.12.6)
      rack (>= 1.0.0)
    thin (1.2.11-x86-mingw32)
      daemons (>= 1.0.9)
      eventmachine (>= 0.12.6)
      rack (>= 1.0.0)
    thor (0.14.6)
    tilt (1.2.2)
    tzinfo (0.3.24)

PLATFORMS
  ruby
  x86-mingw32

DEPENDENCIES
  activerecord
  foreman
  hpricot
  json
  pg
  sinatra
  sqlite3
  thin
